PATH
  remote: .
  specs:
    ethruby (0.0.0)
      bitcoin-secp256k1 (~> 0.4.0)
      digest-sha3 (~> 1.1.0)

GEM
  remote: https://rubygems.org/
  specs:
    bitcoin-secp256k1 (0.4.0)
      ffi (>= 1.9.10)
    diff-lcs (1.3)
    digest-sha3 (1.1.0)
    ffi (1.9.23)
    rake (10.3.2)
    rspec (3.7.0)
      rspec-core (~> 3.7.0)
      rspec-expectations (~> 3.7.0)
      rspec-mocks (~> 3.7.0)
    rspec-core (3.7.1)
      rspec-support (~> 3.7.0)
    rspec-expectations (3.7.0)
      diff-lcs (>= 1.2.0, < 2.0)
      rspec-support (~> 3.7.0)
    rspec-mocks (3.7.0)
      diff-lcs (>= 1.2.0, < 2.0)
      rspec-support (~> 3.7.0)
    rspec-support (3.7.1)

PLATFORMS
  ruby

DEPENDENCIES
  bundler (~> 1.16)
  ethruby!
  rake (~> 10.0)
  rspec (~> 3.0)

BUNDLED WITH
   1.16.1
